GEM
  remote: https://rubygems.org/
  specs:
    humanize (1.1.0)

PLATFORMS
  ruby

DEPENDENCIES
  humanize

BUNDLED WITH
   1.11.2
